GEM
  remote: http://rubygems.org/
  specs:
    bourbon (1.3.0)
      sass (>= 3.1)
    haml (3.1.4)
    rack (1.4.0)
    rack-protection (1.2.0)
      rack
    rake (0.9.2.2)
    sass (3.1.12)
    sinatra (1.3.2)
      rack (~> 1.3, >= 1.3.6)
      rack-protection (~> 1.2)
      tilt (~> 1.3, >= 1.3.3)
    tilt (1.3.3)

PLATFORMS
  ruby

DEPENDENCIES
  bourbon
  haml
  rake
  sass
  sinatra
